GIT
  remote: git://github.com/nvreynolds/testrail-gemified.git
  revision: 3068e5286f96432f33ff1128b9c0ea834457f355
  specs:
    testrail (0.0.1)

GEM
  remote: https://rubygems.org/
  specs:
    activemodel (5.0.6)
      activesupport (= 5.0.6)
    activerecord (5.0.6)
      activemodel (= 5.0.6)
      activesupport (= 5.0.6)
      arel (~> 7.0)
    activesupport (5.0.6)
      concurrent-ruby (~> 1.0, >= 1.0.2)
      i18n (~> 0.7)
      minitest (~> 5.1)
      tzinfo (~> 1.1)
    arel (7.1.4)
    coderay (1.1.2)
    concurrent-ruby (1.0.5)
    execjs (2.7.0)
    haml (3.1.7)
    i18n (0.9.1)
      concurrent-ruby (~> 1.0)
    mail (2.6.6)
      mime-types (>= 1.16, < 4)
    method_source (0.8.2)
    mime-types (1.25.1)
    minitest (5.10.3)
    pg (0.18.4)
    pry (0.10.4)
      coderay (~> 1.1.0)
      method_source (~> 0.8.1)
      slop (~> 3.4)
    rack (1.6.8)
    rack-protection (1.5.3)
      rack
    rb-readline (0.5.5)
    rest-client (1.6.9)
      mime-types (~> 1.16)
    sinatra (1.4.8)
      rack (~> 1.5)
      rack-protection (~> 1.4)
      tilt (>= 1.3, < 3)
    sinatra-activerecord (2.0.13)
      activerecord (>= 3.2)
      sinatra (>= 1.0)
    slop (3.6.0)
    stylus (1.0.2)
      execjs
      stylus-source
    stylus-source (0.54.5)
    thread_safe (0.3.6)
    tilt (2.0.8)
    tzinfo (1.2.4)
      thread_safe (~> 0.1)

PLATFORMS
  ruby

DEPENDENCIES
  activerecord (~> 5.0.1)!
  haml (= 3.1.7)!
  mail (~> 2.6.4)!
  pg (~> 0.18.4)!
  pry (~> 0.10.4)!
  rb-readline!
  rest-client (~> 1.6.9)!
  sinatra (~> 1.4.8)!
  sinatra-activerecord (~> 2.0.11)!
  stylus!
  testrail!

BUNDLED WITH
   1.16.0
